GEM
  remote: http://rubygems.org/
  specs:
    byebug (8.2.1)
    faker (1.6.1)
      i18n (~> 0.5)
    i18n (0.7.0)

PLATFORMS
  ruby

DEPENDENCIES
  byebug
  faker
